{
    "Modality": "MR",
    "MagneticFieldStrength": 3,
    "Manufacturer": "GE",
    "ManufacturersModelName": "DISCOVERY_MR750",
    "InstitutionName": "Stanford_Lucas_Center",
    "DeviceSerialNumber": "0000415723SCHMR2",
    "StationName": "No3",
    "SoftwareVersions": "25_LX_MR_Software_release:DV25.0_R02_1549.b",
    "MRAcquisitionType": "3D",
    "SeriesDescription": "Sag_FSPGR_BRAVO",
    "ProtocolName": "Sag_FSPGR_BRAVO",
    "ScanningSequence": "GR",
    "SequenceVariant": "SS_SK",
    "SliceThickness": 1,
    "SpacingBetweenSlices": 1,
    "SAR": 0.271528,
    "EchoTime": 0.003384,
    "RepetitionTime": 0.008572,
    "InversionTime": 0.45,
    "FlipAngle": 15,
    "PercentPhaseFOV": 100,
    "AcquisitionMatrixPE": 256,
    "ReconMatrixPE": 256,
    "PixelBandwidth": 244.141,
    "ImageOrientationPatientDICOM": [
            -0,
            1,
            0,
            -0,
            -0,
            -1      ],
    "InPlanePhaseEncodingDirectionDICOM": "ROW",
    "ConversionSoftware": "dcm2niix",
    "ConversionSoftwareVersion": "v1.0.20171215 GCC4.4.7"
}
